PATH
  remote: .
  specs:
    doggy (0.1.0)
      dogapi (~> 1.17)
      ejson (~> 1.0)
      thor (~> 0.19)
      thread (~> 0.2)

GEM
  remote: https://rubygems.org/
  specs:
    dogapi (1.20.0)
      multi_json
    ejson (1.0.0)
    multi_json (1.11.2)
    rake (10.4.2)
    thor (0.19.1)
    thread (0.2.2)

PLATFORMS
  ruby

DEPENDENCIES
  bundler (~> 1.9)
  doggy!
  rake (~> 10.0)

BUNDLED WITH
   1.10.6
